GEM
  remote: https://rubygems.org/
  specs:
    curses (1.2.7)
    mime-types (3.2.2)
      mime-types-data (~> 3.2015)
    mime-types-data (3.2018.0812)
    mini_portile2 (2.4.0)
    nokogiri (1.10.1)
      mini_portile2 (~> 2.4.0)

PLATFORMS
  ruby

DEPENDENCIES
  curses
  mime-types
  nokogiri

BUNDLED WITH
   1.17.3
