GEM
  remote: https://rubygems.org/
  specs:
    mime-types (3.1)
      mime-types-data (~> 3.2015)
    mime-types-data (3.2016.0521)
    mini_portile2 (2.3.0)
    ncurses-ruby (1.2.4)
    nokogiri (1.8.2)
      mini_portile2 (~> 2.3.0)

PLATFORMS
  ruby

DEPENDENCIES
  mime-types
  ncurses-ruby
  nokogiri

BUNDLED WITH
   1.16.1
